PATH
  remote: .
  specs:
    umbra-rb (0.2.0)
      concurrent-ruby (~> 1.1)
      multi_json (~> 1.13)
      oj (~> 3.9)
      redis (~> 4.1)
      typhoeus (~> 1.3)

GEM
  remote: https://rubygems.org/
  specs:
    ast (2.4.0)
    carwow_rubocop (3.2.0)
      rubocop (>= 0.78)
      rubocop-performance
      rubocop-rspec
    coderay (1.1.2)
    concurrent-ruby (1.1.5)
    diff-lcs (1.3)
    ethon (0.12.0)
      ffi (>= 1.3.0)
    ffi (1.11.1)
    jaro_winkler (1.5.4)
    method_source (0.9.2)
    multi_json (1.14.1)
    oj (3.10.0)
    parallel (1.19.1)
    parser (2.7.0.2)
      ast (~> 2.4.0)
    pry (0.12.2)
      coderay (~> 1.1.0)
      method_source (~> 0.9.0)
    rack (2.0.8)
    rainbow (3.0.0)
    rake (13.0.1)
    redis (4.1.3)
    rspec (3.9.0)
      rspec-core (~> 3.9.0)
      rspec-expectations (~> 3.9.0)
      rspec-mocks (~> 3.9.0)
    rspec-core (3.9.0)
      rspec-support (~> 3.9.0)
    rspec-expectations (3.9.0)
      diff-lcs (>= 1.2.0, < 2.0)
      rspec-support (~> 3.9.0)
    rspec-mocks (3.9.0)
      diff-lcs (>= 1.2.0, < 2.0)
      rspec-support (~> 3.9.0)
    rspec-support (3.9.0)
    rubocop (0.79.0)
      jaro_winkler (~> 1.5.1)
      parallel (~> 1.10)
      parser (>= 2.7.0.1)
      rainbow (>= 2.2.2, < 4.0)
      ruby-progressbar (~> 1.7)
      unicode-display_width (>= 1.4.0, < 1.7)
    rubocop-performance (1.5.2)
      rubocop (>= 0.71.0)
    rubocop-rspec (1.37.1)
      rubocop (>= 0.68.1)
    ruby-progressbar (1.10.1)
    typhoeus (1.3.1)
      ethon (>= 0.9.0)
    unicode-display_width (1.6.0)

PLATFORMS
  ruby

DEPENDENCIES
  bundler (~> 2.0)
  carwow_rubocop
  pry
  rack
  rake (~> 13.0)
  rspec (~> 3.0)
  umbra-rb!

BUNDLED WITH
   2.0.2
