PATH
  remote: .
  specs:
    umbra (0.1.0)
      multi_json (~> 1.13)
      oj (~> 3.9)
      redis (~> 4.1)
      typhoeus (~> 1.3)

GEM
  remote: https://rubygems.org/
  specs:
    ast (2.4.0)
    carwow_rubocop (3.0.3)
      rubocop (>= 0.68)
      rubocop-performance
      rubocop-rspec
    diff-lcs (1.3)
    ethon (0.12.0)
      ffi (>= 1.3.0)
    ffi (1.11.1)
    jaro_winkler (1.5.3)
    multi_json (1.13.1)
    oj (3.9.1)
    parallel (1.17.0)
    parser (2.6.4.1)
      ast (~> 2.4.0)
    rainbow (3.0.0)
    rake (10.5.0)
    redis (4.1.3)
    rspec (3.8.0)
      rspec-core (~> 3.8.0)
      rspec-expectations (~> 3.8.0)
      rspec-mocks (~> 3.8.0)
    rspec-core (3.8.2)
      rspec-support (~> 3.8.0)
    rspec-expectations (3.8.4)
      diff-lcs (>= 1.2.0, < 2.0)
      rspec-support (~> 3.8.0)
    rspec-mocks (3.8.1)
      diff-lcs (>= 1.2.0, < 2.0)
      rspec-support (~> 3.8.0)
    rspec-support (3.8.2)
    rubocop (0.74.0)
      jaro_winkler (~> 1.5.1)
      parallel (~> 1.10)
      parser (>= 2.6)
      rainbow (>= 2.2.2, < 4.0)
      ruby-progressbar (~> 1.7)
      unicode-display_width (>= 1.4.0, < 1.7)
    rubocop-performance (1.4.1)
      rubocop (>= 0.71.0)
    rubocop-rspec (1.35.0)
      rubocop (>= 0.60.0)
    ruby-progressbar (1.10.1)
    typhoeus (1.3.1)
      ethon (>= 0.9.0)
    unicode-display_width (1.6.0)

PLATFORMS
  ruby

DEPENDENCIES
  bundler (~> 2.0)
  carwow_rubocop
  rake (~> 10.0)
  rspec (~> 3.0)
  umbra!

BUNDLED WITH
   2.0.2
